NUGET
  remote: https://nuget.org/api/v2
  specs:
    FAKE (3.29.2)
    FSharp.Compiler.Service (0.0.89)
    FSharp.Core (3.1.2.1)
    FsPickler (1.0.19)
    Suave (0.26.2)
      FSharp.Core (>= 3.1.2.1)
      FsPickler (>= 1.0.7)
